GEM
  remote: https://rubygems.org/
  specs:
    coderay (1.1.2)
    image_size (1.5.0)
    method_source (0.9.0)
    pry (0.11.3)
      coderay (~> 1.1.0)
      method_source (~> 0.9.0)
    rake (12.3.0)
    review (2.4.0)
      image_size
      rouge
      rubyzip
    rouge (3.1.1)
    rubyzip (1.2.1)

PLATFORMS
  ruby

DEPENDENCIES
  pry
  rake
  review

BUNDLED WITH
   1.16.1
